PATH
  remote: .
  specs:
    rodauth-i18n (0.1.0)
      i18n (~> 1.0)
      rodauth (~> 2.0)

GEM
  remote: https://rubygems.org/
  specs:
    addressable (2.8.0)
      public_suffix (>= 2.0.2, < 5.0)
    android_key_attestation (0.3.0)
    argon2 (2.1.1)
      ffi (~> 1.14)
      ffi-compiler (~> 1.0)
    awrence (1.2.1)
    bcrypt (3.1.16)
    bindata (2.4.10)
    capybara (3.36.0)
      addressable
      matrix
      mini_mime (>= 0.1.3)
      nokogiri (~> 1.8)
      rack (>= 1.6.0)
      rack-test (>= 0.6.3)
      regexp_parser (>= 1.5, < 3.0)
      xpath (~> 3.2)
    cbor (0.5.9.6)
    chunky_png (1.4.0)
    concurrent-ruby (1.1.9)
    cose (1.2.0)
      cbor (~> 0.5.9)
      openssl-signature_algorithm (~> 1.0)
    ffi (1.15.4)
    ffi-compiler (1.0.1)
      ffi (>= 1.0.0)
      rake
    i18n (1.8.10)
      concurrent-ruby (~> 1.0)
    ipaddr (1.2.3)
    jwt (2.3.0)
    matrix (0.4.2)
    mini_mime (1.1.2)
    minitest (5.14.4)
    minitest-hooks (1.5.0)
      minitest (> 5.3)
    nokogiri (1.12.5-arm64-darwin)
      racc (~> 1.4)
    openssl (2.2.1)
      ipaddr
    openssl-signature_algorithm (1.1.1)
      openssl (~> 2.0)
    public_suffix (4.0.6)
    racc (1.6.0)
    rack (2.2.3)
    rack-test (1.1.0)
      rack (>= 1.0, < 3)
    rake (13.0.6)
    regexp_parser (2.1.1)
    roda (3.49.0)
      rack
    rodauth (2.17.0)
      roda (>= 2.6.0)
      sequel (>= 4)
    rotp (6.2.0)
    rqrcode (2.1.0)
      chunky_png (~> 1.0)
      rqrcode_core (~> 1.0)
    rqrcode_core (1.2.0)
    safety_net_attestation (0.4.0)
      jwt (~> 2.0)
    securecompare (1.0.0)
    sequel (5.50.0)
    sqlite3 (1.4.2)
    tilt (2.0.10)
    tpm-key_attestation (0.10.0)
      bindata (~> 2.4)
      openssl-signature_algorithm (~> 1.0)
    webauthn (2.5.0)
      android_key_attestation (~> 0.3.0)
      awrence (~> 1.1)
      bindata (~> 2.4)
      cbor (~> 0.5.9)
      cose (~> 1.1)
      openssl (~> 2.1)
      safety_net_attestation (~> 0.4.0)
      securecompare (~> 1.0)
      tpm-key_attestation (~> 0.10.0)
    xpath (3.2.0)
      nokogiri (~> 1.8)

PLATFORMS
  arm64-darwin-20

DEPENDENCIES
  argon2
  bcrypt
  capybara
  jwt
  minitest
  minitest-hooks
  rake (~> 13.0)
  rodauth (>= 2.16)
  rodauth-i18n!
  rotp
  rqrcode
  sqlite3
  tilt
  webauthn

BUNDLED WITH
   2.2.18
