PATH
  remote: .
  specs:
    rodauth-i18n (0.1.0)

GEM
  remote: https://rubygems.org/
  specs:
    android_key_attestation (0.3.0)
    argon2 (2.1.1)
      ffi (~> 1.14)
      ffi-compiler (~> 1.0)
    awrence (1.2.1)
    bindata (2.4.10)
    cbor (0.5.9.6)
    chunky_png (1.4.0)
    cose (1.2.0)
      cbor (~> 0.5.9)
      openssl-signature_algorithm (~> 1.0)
    ffi (1.15.4)
    ffi-compiler (1.0.1)
      ffi (>= 1.0.0)
      rake
    ipaddr (1.2.3)
    jwt (2.3.0)
    openssl (2.2.1)
      ipaddr
    openssl-signature_algorithm (1.1.1)
      openssl (~> 2.0)
    rake (13.0.6)
    rotp (6.2.0)
    rqrcode (2.1.0)
      chunky_png (~> 1.0)
      rqrcode_core (~> 1.0)
    rqrcode_core (1.2.0)
    safety_net_attestation (0.4.0)
      jwt (~> 2.0)
    securecompare (1.0.0)
    tpm-key_attestation (0.10.0)
      bindata (~> 2.4)
      openssl-signature_algorithm (~> 1.0)
    webauthn (2.5.0)
      android_key_attestation (~> 0.3.0)
      awrence (~> 1.1)
      bindata (~> 2.4)
      cbor (~> 0.5.9)
      cose (~> 1.1)
      openssl (~> 2.1)
      safety_net_attestation (~> 0.4.0)
      securecompare (~> 1.0)
      tpm-key_attestation (~> 0.10.0)

PLATFORMS
  arm64-darwin-20

DEPENDENCIES
  argon2
  jwt
  rake (~> 13.0)
  rodauth-i18n!
  rotp
  rqrcode
  webauthn

BUNDLED WITH
   2.2.18
